GIT
  remote: git://github.com/britg/sinatra-cross_origin.git
  revision: 116d6c5e9f0b02fefc0a2b116a3e8f807d6f2253
  specs:
    sinatra-cross_origin (0.3.2)

GIT
  remote: git://github.com/rest-client/rest-client.git
  revision: d7a11503af419a5336465ff73465a738f7cd5d8d
  specs:
    rest-client (1.7.0.alpha)
      mime-types (>= 1.16)
      netrc (~> 0.7.7)
      rdoc (>= 2.4.2)

GEM
  remote: https://rubygems.org/
  specs:
    json (1.8.1)
    mime-types (2.1)
    netrc (0.7.7)
    rack (1.5.2)
    rack-protection (1.5.2)
      rack
    rdoc (4.1.1)
      json (~> 1.4)
    sinatra (1.4.4)
      rack (~> 1.4)
      rack-protection (~> 1.4)
      tilt (~> 1.3, >= 1.3.4)
    tilt (1.4.1)

PLATFORMS
  ruby

DEPENDENCIES
  rest-client!
  sinatra
  sinatra-cross_origin!
